GEM
  specs:
    craigler (1.3.3)
      hpricot (~> 0.8)
    hpricot (0.8.6)

PLATFORMS
  ruby

DEPENDENCIES
  craigler
